PATH
  remote: /Users/james/src/bugsnag/bugsnag-ruby
  specs:
    bugsnag (1.1.5)
      httparty (~> 0.9)
      multi_json (~> 1.0)

GEM
  remote: http://rubygems.org/
  specs:
    daemons (1.1.9)
    eventmachine (1.0.0)
    httparty (0.9.0)
      multi_json (~> 1.0)
      multi_xml
    multi_json (1.3.6)
    multi_xml (0.5.1)
    rack (1.4.1)
    thin (1.5.0)
      daemons (>= 1.0.9)
      eventmachine (>= 0.12.6)
      rack (>= 1.0.0)

PLATFORMS
  ruby

DEPENDENCIES
  bugsnag!
  eventmachine
  thin
