PATH
  remote: ../../bugsnag-ruby
  specs:
    bugsnag (1.2.3)
      httparty (>= 0.5, < 1.0)
      multi_json (~> 1.0)

GEM
  remote: http://rubygems.org/
  specs:
    httparty (0.9.0)
      multi_json (~> 1.0)
      multi_xml
    multi_json (1.3.6)
    multi_xml (0.5.1)
    rack (1.4.1)

PLATFORMS
  ruby

DEPENDENCIES
  bugsnag!
  rack
