PATH
  remote: /Users/simon/Projects/bugsnag/bugsnag-ruby
  specs:
    bugsnag (1.7.0)
      httparty (>= 0.6, < 1.0)
      multi_json (~> 1.0)

GEM
  remote: http://rubygems.org/
  specs:
    actionmailer (2.3.16)
      actionpack (= 2.3.16)
    actionpack (2.3.16)
      activesupport (= 2.3.16)
      rack (~> 1.1.0)
    activerecord (2.3.16)
      activesupport (= 2.3.16)
    activeresource (2.3.16)
      activesupport (= 2.3.16)
    activesupport (2.3.16)
    httparty (0.12.0)
      json (~> 1.8)
      multi_xml (>= 0.5.2)
    iconv (1.0.4)
    json (1.8.1)
    multi_json (1.8.2)
    multi_xml (0.5.5)
    rack (1.1.6)
    rails (2.3.16)
      actionmailer (= 2.3.16)
      actionpack (= 2.3.16)
      activerecord (= 2.3.16)
      activeresource (= 2.3.16)
      activesupport (= 2.3.16)
      rake (>= 0.8.3)
    rake (10.1.1)
    sqlite3 (1.3.8)

PLATFORMS
  ruby

DEPENDENCIES
  bugsnag!
  iconv
  rails (= 2.3.16)
  sqlite3
